GEM
  remote: https://rubygems.org/
  specs:
    activesupport (3.2.11)
      i18n (~> 0.6)
      multi_json (~> 1.0)
    addressable (2.3.2)
    excon (0.16.10)
    heroku (2.35.0)
      heroku-api (~> 0.3.7)
      launchy (>= 0.3.2)
      netrc (~> 0.7.7)
      rest-client (~> 1.6.1)
      rubyzip
    heroku-api (0.3.7)
      excon (~> 0.16.10)
    httparty (0.10.2)
      multi_json (~> 1.0)
      multi_xml (>= 0.5.2)
    i18n (0.6.1)
    launchy (2.2.0)
      addressable (~> 2.3)
    mime-types (1.20.1)
    multi_json (1.5.1)
    multi_xml (0.5.2)
    netrc (0.7.7)
    rack (1.5.2)
    rack-protection (1.3.2)
      rack
    rest-client (1.6.7)
      mime-types (>= 1.16)
    rubyzip (0.9.9)
    shotgun (0.9)
      rack (>= 1.0)
    sinatra (1.3.4)
      rack (~> 1.4)
      rack-protection (~> 1.3)
      tilt (~> 1.3, >= 1.3.3)
    tilt (1.3.3)
    will_paginate (3.0.4)
    will_paginate-bootstrap (0.2.2)
      will_paginate (>= 3.0.3)

PLATFORMS
  ruby

DEPENDENCIES
  activesupport
  heroku
  httparty
  shotgun
  sinatra
  will_paginate (~> 3.0)
  will_paginate-bootstrap
